GEM
  remote: https://rubygems.org/
  specs:
    coderay (1.1.3)
    method_source (1.0.0)
    pry (0.14.1)
      coderay (~> 1.1)
      method_source (~> 1.0)
    pry-doc (1.1.0)
      pry (~> 0.11)
      yard (~> 0.9.11)
    yard (0.9.26)

PLATFORMS
  arm64-darwin-20

DEPENDENCIES
  pry
  pry-doc

BUNDLED WITH
   2.2.15
